GIT
  remote: https://github.com/asciidoctor/asciidoctor-latex.git
  revision: 652176e5f94ad7972a0d0bb4cc6721ce7a35fe93
  specs:
    asciidoctor-latex (1.5.0.17.dev)
      asciidoctor (~> 1.5, >= 1.5.2)
      htmlentities (~> 4.3)
      opal (~> 0.6.3)

PATH
  remote: ./vendor/asciidoctor-epub3
  specs:
    asciidoctor-epub3 (1.5.0.gambhiro.pre.develop)
      asciidoctor (~> 1.5.7.dev)
      gepub (~> 0.7.0.gambhiro.pre.develop)
      thread_safe (~> 0.3.6)

PATH
  remote: ./vendor/asciidoctor
  specs:
    asciidoctor (1.5.7.dev)

PATH
  remote: ./vendor/gepub
  specs:
    gepub (0.7.0.gambhiro.pre.develop)
      nokogiri (>= 1.6.1, < 1.9)
      rubyzip (>= 1.1.1)

GEM
  remote: https://rubygems.org/
  specs:
    concurrent-ruby (1.0.5)
    htmlentities (4.3.4)
    json (2.1.0)
    mini_portile2 (2.3.0)
    nokogiri (1.8.1)
      mini_portile2 (~> 2.3.0)
    opal (0.6.3)
      source_map
      sprockets
    rack (2.0.3)
    rubyzip (1.2.1)
    source_map (3.0.1)
      json
    sprockets (3.7.1)
      concurrent-ruby (~> 1.0)
      rack (> 1, < 3)
    thread_safe (0.3.6)

PLATFORMS
  ruby

DEPENDENCIES
  asciidoctor!
  asciidoctor-epub3 (= 1.5.0.gambhiro.pre.develop)!
  asciidoctor-latex!
  gepub!

BUNDLED WITH
   1.13.7
